GEM
  remote: https://rubygems.org/
  specs:
    coderay (1.1.2)
    google-protobuf (3.11.0)
    googleapis-common-protos-types (1.0.4)
      google-protobuf (~> 3.0)
    grpc (1.25.0)
      google-protobuf (~> 3.8)
      googleapis-common-protos-types (~> 1.0)
    grpc-tools (1.25.0)
    method_source (0.9.2)
    pry (0.12.2)
      coderay (~> 1.1.0)
      method_source (~> 0.9.0)

PLATFORMS
  ruby

DEPENDENCIES
  grpc (~> 1.0)
  grpc-tools (~> 1.0)
  pry

BUNDLED WITH
   1.17.3
